PATH
  remote: .
  specs:
    simple_rag (0.1.0)

GEM
  remote: https://rubygems.org/
  specs:
    csv (3.3.0)
    diff-lcs (1.5.1)
    dotenv (3.1.2)
    ethon (0.16.0)
      ffi (>= 1.15.0)
    event_stream_parser (1.0.0)
    faiss (0.3.1)
      numo-narray
      rice (>= 4.0.2)
    faraday (2.10.0)
      faraday-net_http (>= 2.0, < 3.2)
      logger
    faraday-net_http (3.1.1)
      net-http
    faraday-typhoeus (1.1.0)
      faraday (~> 2.0)
      typhoeus (~> 1.4)
    ffi (1.17.0-x86_64-darwin)
    httparty (0.22.0)
      csv
      mini_mime (>= 1.0.0)
      multi_xml (>= 0.5.2)
    logger (1.6.0)
    mini_mime (1.1.5)
    mistral-ai (1.2.0)
      event_stream_parser (~> 1.0)
      faraday (~> 2.9)
      faraday-typhoeus (~> 1.1)
    multi_xml (0.6.0)
    net-http (0.4.1)
      uri
    numo-narray (0.9.2.1)
    rake (13.2.1)
    rice (4.3.1)
    rspec (3.13.0)
      rspec-core (~> 3.13.0)
      rspec-expectations (~> 3.13.0)
      rspec-mocks (~> 3.13.0)
    rspec-core (3.13.0)
      rspec-support (~> 3.13.0)
    rspec-expectations (3.13.1)
      diff-lcs (>= 1.2.0, < 2.0)
      rspec-support (~> 3.13.0)
    rspec-mocks (3.13.1)
      diff-lcs (>= 1.2.0, < 2.0)
      rspec-support (~> 3.13.0)
    rspec-support (3.13.1)
    typhoeus (1.4.1)
      ethon (>= 0.9.0)
    uri (0.13.0)
    zeitwerk (2.6.16)

PLATFORMS
  x86_64-darwin-21

DEPENDENCIES
  dotenv
  faiss
  httparty
  mistral-ai
  numo-narray
  rake (~> 13.0)
  rspec (~> 3.0)
  simple_rag!
  zeitwerk (~> 2.6, >= 2.6.11)

BUNDLED WITH
   2.3.26
